GEM
  remote: https://rubygems.org/
  specs:
    artii (2.1.2)
    awesome_print (1.8.0)
    byebug (11.0.1)
    json (2.0.4)
    minitest (5.11.3)

PLATFORMS
  ruby

DEPENDENCIES
  artii
  awesome_print
  byebug
  json
  minitest

BUNDLED WITH
   2.0.2
